GEM
  remote: https://rubygems.org/
  specs:
    rake (11.3.0)
    vimrunner (0.3.4)

PLATFORMS
  ruby

DEPENDENCIES
  rake (~> 11.0)
  vimrunner (= 0.3.4)

BUNDLED WITH
   1.16.1
